GEM
  remote: https://rubygems.org/
  specs:
    diff-lcs (1.3)
    metaclass (0.0.4)
    mocha (1.3.0)
      metaclass (~> 0.0.1)
    puppet-lint (2.3.3)
    puppet-syntax (2.4.1)
      rake
    puppetlabs_spec_helper (2.3.2)
      mocha (~> 1.0)
      puppet-lint (~> 2.0)
      puppet-syntax (~> 2.0)
      rspec-puppet (~> 2.0)
    rake (12.1.0)
    rspec (3.6.0)
      rspec-core (~> 3.6.0)
      rspec-expectations (~> 3.6.0)
      rspec-mocks (~> 3.6.0)
    rspec-core (3.6.0)
      rspec-support (~> 3.6.0)
    rspec-expectations (3.6.0)
      diff-lcs (>= 1.2.0, < 2.0)
      rspec-support (~> 3.6.0)
    rspec-mocks (3.6.0)
      diff-lcs (>= 1.2.0, < 2.0)
      rspec-support (~> 3.6.0)
    rspec-puppet (2.6.9)
      rspec
    rspec-support (3.6.0)

PLATFORMS
  ruby
  x86_64-linux

DEPENDENCIES
  puppet-lint!
  puppetlabs_spec_helper!
  rspec!
  rspec-puppet!

BUNDLED WITH
   1.15.4
